PATH
  remote: .
  specs:
    rubble (0.0.3.alpha)
      zeitwerk (~> 2.6.12)

GEM
  remote: https://rubygems.org/
  specs:
    ast (2.4.2)
    base64 (0.1.1)
    concurrent-ruby (1.2.2)
    debug (1.8.0)
      irb (>= 1.5.0)
      reline (>= 0.3.1)
    faraday (2.7.11)
      base64
      faraday-net_http (>= 2.0, < 3.1)
      ruby2_keywords (>= 0.0.4)
    faraday-follow_redirects (0.3.0)
      faraday (>= 1, < 3)
    faraday-net_http (3.0.2)
    faraday-retry (2.2.0)
      faraday (~> 2.0)
    io-console (0.6.0)
    irb (1.8.3)
      rdoc
      reline (>= 0.3.8)
    json (2.6.3)
    language_server-protocol (3.17.0.3)
    os (1.1.4)
    parallel (1.23.0)
    parser (3.2.2.4)
      ast (~> 2.4.1)
      racc
    psych (5.1.1.1)
      stringio
    racc (1.7.3)
    rainbow (3.1.1)
    rake (13.1.0)
    rdoc (6.6.0)
      psych (>= 4.0.0)
    regexp_parser (2.8.2)
    reline (0.3.9)
      io-console (~> 0.5)
    rexml (3.2.6)
    rice (4.1.0)
    rubocop (1.57.2)
      json (~> 2.3)
      language_server-protocol (>= 3.17.0)
      parallel (~> 1.10)
      parser (>= 3.2.2.4)
      rainbow (>= 2.2.2, < 4.0)
      regexp_parser (>= 1.8, < 3.0)
      rexml (>= 3.2.5, < 4.0)
      rubocop-ast (>= 1.28.1, < 2.0)
      ruby-progressbar (~> 1.7)
      unicode-display_width (>= 2.4.0, < 3.0)
    rubocop-ast (1.30.0)
      parser (>= 3.2.1.0)
    ruby-progressbar (1.13.0)
    ruby2_keywords (0.0.5)
    rubygems-tasks (0.2.6)
      irb (~> 1.0)
      rake (>= 10.0.0)
    rubyzip (2.3.2)
    stringio (3.0.8)
    unicode-display_width (2.5.0)
    zeitwerk (2.6.12)

PLATFORMS
  x86_64-linux

DEPENDENCIES
  bundler (~> 2.4.21)
  concurrent-ruby
  debug
  faraday (~> 2.7.11)
  faraday-follow_redirects (~> 0.3.0)
  faraday-retry (~> 2.2.0)
  os (~> 1.1)
  rainbow (~> 3.1)
  rake (~> 13.0)
  rice (~> 4.1)
  rubble!
  rubocop (~> 1.57.2)
  ruby-progressbar (~> 1.13.0)
  rubygems-tasks
  rubyzip (~> 2.3.2)

RUBY VERSION
   ruby 3.2.2p53

BUNDLED WITH
   2.4.21
